GEM
  remote: http://rubygems.org/
  specs:
    directory_watcher (1.5.1)
    mini_portile2 (2.4.0)
    mustache (0.99.4)
    nokogiri (1.10.8)
      mini_portile2 (~> 2.4.0)
    rack (1.5.2)
    redcarpet (2.3.0)
    ruhoh (1.1)
      directory_watcher (~> 1.4)
      mustache (~> 0.99)
      nokogiri (~> 1.5)
      rack (~> 1.4)
      redcarpet (~> 2.1)

PLATFORMS
  ruby

DEPENDENCIES
  ruhoh (~> 1)
